GEM
  remote: https://rubygems.org/
  specs:
    aws-sdk (2.8.0)
      aws-sdk-resources (= 2.8.0)
    aws-sdk-core (2.8.0)
      aws-sigv4 (~> 1.0)
      jmespath (~> 1.0)
    aws-sdk-resources (2.8.0)
      aws-sdk-core (= 2.8.0)
    aws-sigv4 (1.0.0)
    jmespath (1.3.1)
    mime-types (3.1)
      mime-types-data (~> 3.2015)
    mime-types-data (3.2016.0521)
    parallel (1.15.0)
    rake (10.4.2)

PLATFORMS
  ruby

DEPENDENCIES
  aws-sdk
  mime-types
  parallel
  rake (~> 10.4.2)

BUNDLED WITH
   1.14.5
